PATH
  remote: .
  specs:
    athens (0.3.7)
      aws-sdk-athena (~> 1)
      oj

GEM
  remote: https://rubygems.org/
  specs:
    aws-eventstream (1.2.0)
    aws-partitions (1.536.0)
    aws-sdk-athena (1.43.0)
      aws-sdk-core (~> 3, >= 3.122.0)
      aws-sigv4 (~> 1.1)
    aws-sdk-core (3.123.0)
      aws-eventstream (~> 1, >= 1.0.2)
      aws-partitions (~> 1, >= 1.525.0)
      aws-sigv4 (~> 1.1)
      jmespath (~> 1.0)
    aws-sigv4 (1.4.0)
      aws-eventstream (~> 1, >= 1.0.2)
    jmespath (1.4.0)
    oj (3.13.9)
    rake (13.0.6)
    rexml (3.2.5)

PLATFORMS
  ruby

DEPENDENCIES
  athens!
  bundler (>= 1.17)
  rake (~> 13.0)
  rexml (~> 3.2)

BUNDLED WITH
   2.2.5
