PATH
  remote: .
  specs:
    athens (0.4.2)
      aws-sdk-athena (~> 1)
      multi_json (~> 1.0)

GEM
  remote: https://rubygems.org/
  specs:
    aws-eventstream (1.3.0)
    aws-partitions (1.895.0)
    aws-sdk-athena (1.81.0)
      aws-sdk-core (~> 3, >= 3.191.0)
      aws-sigv4 (~> 1.1)
    aws-sdk-core (3.191.3)
      aws-eventstream (~> 1, >= 1.3.0)
      aws-partitions (~> 1, >= 1.651.0)
      aws-sigv4 (~> 1.8)
      jmespath (~> 1, >= 1.6.1)
    aws-sigv4 (1.8.0)
      aws-eventstream (~> 1, >= 1.0.2)
    jmespath (1.6.2)
    multi_json (1.15.0)
    rake (13.1.0)
    rexml (3.2.6)

PLATFORMS
  ruby

DEPENDENCIES
  athens!
  bundler (>= 1.17)
  rake (~> 13.0)
  rexml (~> 3.2)

BUNDLED WITH
   2.2.5
